GEM
  remote: https://rubygems.org/
  specs:
    arr-pm (0.0.9)
      cabin (> 0)
    backports (3.6.4)
    cabin (0.6.1)
    childprocess (0.5.5)
      ffi (~> 1.0, >= 1.0.11)
    clamp (0.6.3)
    ffi (1.9.6)
    fpm (1.3.3)
      arr-pm (~> 0.0.9)
      backports (>= 2.6.2)
      cabin (>= 0.6.0)
      childprocess
      clamp (~> 0.6)
      ffi
      json (>= 1.7.7)
    hiera (1.3.4)
      json_pure
    json (1.8.1)
    json_pure (1.8.1)

PLATFORMS
  ruby

DEPENDENCIES
  bundler
  fpm
  hiera (= 1.3.4)
